GEM
  remote: https://rubygems.org/
  specs:
    addressable (2.8.0)
      public_suffix (>= 2.0.2, < 5.0)
    diff-lcs (1.5.0)
    domain_name (0.5.20190701)
      unf (>= 0.0.5, < 1.0.0)
    gds-api-adapters (76.0.0)
      addressable
      link_header
      null_logger
      plek (>= 1.9.0)
      rest-client (~> 2.0)
    http-accept (1.7.0)
    http-cookie (1.0.4)
      domain_name (~> 0.5)
    link_header (0.0.8)
    mime-types (3.4.1)
      mime-types-data (~> 3.2015)
    mime-types-data (3.2021.1115)
    netrc (0.11.0)
    null_logger (0.0.1)
    plek (4.0.0)
    progressbar (1.10.1)
    public_suffix (4.0.6)
    rake (12.3.3)
    require_all (2.0.0)
    rest-client (2.1.0)
      http-accept (>= 1.7.0, < 2.0)
      http-cookie (>= 1.0.2, < 2.0)
      mime-types (>= 1.16, < 4.0)
      netrc (~> 0.8)
    rspec (3.12.0)
      rspec-core (~> 3.12.0)
      rspec-expectations (~> 3.12.0)
      rspec-mocks (~> 3.12.0)
    rspec-core (3.12.2)
      rspec-support (~> 3.12.0)
    rspec-expectations (3.12.3)
      diff-lcs (>= 1.2.0, < 2.0)
      rspec-support (~> 3.12.0)
    rspec-mocks (3.12.6)
      diff-lcs (>= 1.2.0, < 2.0)
      rspec-support (~> 3.12.0)
    rspec-support (3.12.1)
    unf (0.1.4)
      unf_ext
    unf_ext (0.0.8)

PLATFORMS
  ruby

DEPENDENCIES
  gds-api-adapters (~> 76.0)
  progressbar
  rake
  require_all
  rspec

BUNDLED WITH
   2.2.33
